GIT
  remote: https://github.com/mattheworiordan/capybara-screenshot.git
  revision: 6b80ac24fafa1e92052168807cc1dff2fa471af6
  specs:
    capybara-screenshot (1.0.26)
      capybara (>= 1.0, < 4)
      launchy

GEM
  remote: https://rubygems.org/
  specs:
    activemodel (6.1.7.1)
      activesupport (= 6.1.7.1)
    activesupport (6.1.7.1)
      concurrent-ruby (~> 1.0, >= 1.0.2)
      i18n (>= 1.6, < 2)
      minitest (>= 5.1)
      tzinfo (~> 2.0)
      zeitwerk (~> 2.3)
    addressable (2.8.1)
      public_suffix (>= 2.0.2, < 6.0)
    ast (2.4.2)
    byebug (11.1.3)
    capybara (3.37.1)
      addressable
      matrix
      mini_mime (>= 0.1.3)
      nokogiri (~> 1.8)
      rack (>= 1.6.0)
      rack-test (>= 0.6.3)
      regexp_parser (>= 1.5, < 3.0)
      xpath (~> 3.2)
    childprocess (4.1.0)
    coderay (1.1.3)
    colorize (0.8.1)
    concurrent-ruby (1.1.10)
    cucumber-gherkin (25.0.2)
      cucumber-messages (~> 19.1, >= 19.1.4)
    cucumber-messages (19.1.4)
    cuke_modeler (3.18.0)
      cucumber-gherkin (< 26.0)
    diff-lcs (1.5.0)
    domain_name (0.5.20190701)
      unf (>= 0.0.5, < 1.0.0)
    factory_bot (6.2.1)
      activesupport (>= 5.0.0)
    faraday (2.6.0)
      faraday-net_http (>= 2.0, < 3.1)
      ruby2_keywords (>= 0.0.4)
    faraday-multipart (1.0.4)
      multipart-post (~> 2)
    faraday-net_http (3.0.1)
    gli (2.21.0)
    howitzer (2.6.0)
      activesupport (>= 5, < 8)
      capybara (< 4.0)
      colorize
      gli
      launchy
      log4r (~> 1.1.10)
      rake
      rspec (~> 3.2)
      rspec-wait
      selenium-webdriver (>= 3.4.1)
      sexy_settings
    http-accept (1.7.0)
    http-cookie (1.0.5)
      domain_name (~> 0.5)
    i18n (1.12.0)
      concurrent-ruby (~> 1.0)
    json (2.6.2)
    launchy (2.5.0)
      addressable (~> 2.7)
    log4r (1.1.10)
    matrix (0.4.2)
    method_source (1.0.0)
    mime-types (3.4.1)
      mime-types-data (~> 3.2015)
    mime-types-data (3.2022.0105)
    mini_mime (1.1.2)
    mini_portile2 (2.8.0)
    minitest (5.17.0)
    multi_json (1.15.0)
    multipart-post (2.2.3)
    netrc (0.11.0)
    nokogiri (1.13.8)
      mini_portile2 (~> 2.8.0)
      racc (~> 1.4)
    parallel (1.22.1)
    parser (3.1.2.1)
      ast (~> 2.4.1)
    pry (0.14.1)
      coderay (~> 1.1)
      method_source (~> 1.0)
    pry-byebug (3.10.1)
      byebug (~> 11.0)
      pry (>= 0.13, < 0.15)
    public_suffix (5.0.0)
    racc (1.6.0)
    rack (3.0.0)
    rack-test (2.0.2)
      rack (>= 1.3)
    rainbow (3.1.1)
    rake (13.0.6)
    regexp_parser (2.6.0)
    repeater (0.0.1)
    rest-client (2.1.0)
      http-accept (>= 1.7.0, < 2.0)
      http-cookie (>= 1.0.2, < 2.0)
      mime-types (>= 1.16, < 4.0)
      netrc (~> 0.8)
    rexml (3.2.5)
    rspec (3.11.0)
      rspec-core (~> 3.11.0)
      rspec-expectations (~> 3.11.0)
      rspec-mocks (~> 3.11.0)
    rspec-core (3.11.0)
      rspec-support (~> 3.11.0)
    rspec-expectations (3.11.1)
      diff-lcs (>= 1.2.0, < 2.0)
      rspec-support (~> 3.11.0)
    rspec-mocks (3.11.1)
      diff-lcs (>= 1.2.0, < 2.0)
      rspec-support (~> 3.11.0)
    rspec-support (3.11.1)
    rspec-wait (0.0.9)
      rspec (>= 3, < 4)
    rubocop (1.36.0)
      json (~> 2.3)
      parallel (~> 1.10)
      parser (>= 3.1.2.1)
      rainbow (>= 2.2.2, < 4.0)
      regexp_parser (>= 1.8, < 3.0)
      rexml (>= 3.2.5, < 4.0)
      rubocop-ast (>= 1.20.1, < 2.0)
      ruby-progressbar (~> 1.7)
      unicode-display_width (>= 1.4.0, < 3.0)
    rubocop-ast (1.21.0)
      parser (>= 3.1.1.0)
    rubocop-rspec (2.13.2)
      rubocop (~> 1.33)
    ruby-progressbar (1.11.0)
    ruby2_keywords (0.0.5)
    rubyzip (2.3.2)
    selenium-webdriver (4.5.0)
      childprocess (>= 0.5, < 5.0)
      rexml (~> 3.2, >= 3.2.5)
      rubyzip (>= 1.2.2, < 3.0)
      websocket (~> 1.0)
    sexy_settings (0.1.0)
    spyke (7.0.0)
      activemodel (>= 4.0.0)
      activesupport (>= 4.0.0)
      addressable (>= 2.5.2)
      faraday (>= 1.0.0, < 3.0)
      faraday-multipart (~> 1.0)
    turnip (4.4.0)
      cuke_modeler (~> 3.15)
      rspec (>= 3.0, < 4.0)
    tzinfo (2.0.5)
      concurrent-ruby (~> 1.0)
    unf (0.1.4)
      unf_ext
    unf_ext (0.0.8.2)
    unicode-display_width (2.3.0)
    websocket (1.2.9)
    xpath (3.2.0)
      nokogiri (~> 1.8)
    zeitwerk (2.6.6)

PLATFORMS
  ruby

DEPENDENCIES
  capybara-screenshot!
  factory_bot
  howitzer
  multi_json
  pry
  pry-byebug
  repeater
  rest-client
  rspec (~> 3.2)
  rubocop
  rubocop-rspec
  spyke
  turnip

RUBY VERSION
   ruby 3.0.2p107

BUNDLED WITH
   2.2.22
